ObjectType = Image
NDims = 3
BinaryData = True
BinaryDataByteOrderMSB = False
CompressedData = True
CompressedDataSize = 284662
TransformMatrix = 1 0 0 0 1 0 0 0 1
Offset = -31.3467 -42.6308 113.346
CenterOfRotation = 0 0 0
ElementSpacing = 0.5 0.5 0.5
DimSize = 153 157 109
AnatomicalOrientation = ???
ElementType = MET_UCHAR
ElementDataFile = 3DUS-output.zraw
